GEM
  remote: https://rubygems.org/
  specs:
    builder (3.2.2)
    feedbag (0.9.6)
      nokogiri (~> 1.0)
      open_uri_redirections (~> 0.2)
    json (2.3.0)
    mini_portile2 (2.1.0)
    nokogiri (1.6.8)
      mini_portile2 (~> 2.1.0)
      pkg-config (~> 1.1.7)
    open_uri_redirections (0.2.1)
    pkg-config (1.1.7)

PLATFORMS
  ruby

DEPENDENCIES
  builder
  feedbag
  json
  nokogiri

BUNDLED WITH
   1.10.6
