GEM
  remote: https://rubygems.org/
  specs:
    builder (3.2.2)
    feedbag (0.9.6)
      nokogiri (~> 1.0)
      open_uri_redirections (~> 0.2)
    json (2.0.2)
    mini_portile2 (2.5.1)
    nokogiri (1.11.4)
      mini_portile2 (~> 2.5.0)
      racc (~> 1.4)
    open_uri_redirections (0.2.1)
    racc (1.5.2)

PLATFORMS
  ruby

DEPENDENCIES
  builder
  feedbag
  json
  nokogiri

BUNDLED WITH
   1.10.6
